STORAGE: NONE
RESTRICTION: || (== netcoreapp3.1) (== netstandard2.0) (== netstandard2.1)
NUGET
  remote: https://api.nuget.org/v3/index.json
    FsCheck (2.15.1)
      FSharp.Core (>= 4.2.3)
    FSharp.Core (5.0.1)
